GEM
  remote: https://rubygems.org/
  specs:
    evolvable (1.0.0)

PLATFORMS
  ruby

DEPENDENCIES
  evolvable

BUNDLED WITH
   2.1.4
